GIT
  remote: https://github.com/romanbsd/rb-gsl.git
  revision: 0ec73f997d5e7e991cb94192e8e6e56619fa9e69
  specs:
    gsl (1.12.109)
      narray (>= 0.5.9)

GEM
  remote: http://rubygems.org/
  specs:
    albino (1.3.3)
      posix-spawn (>= 0.3.6)
    classifier (1.3.3)
      fast-stemmer (>= 1.0.0)
    directory_watcher (1.4.0)
    fast-stemmer (1.0.1)
    jekyll (0.11.0)
      albino (>= 1.3.2)
      classifier (>= 1.3.1)
      directory_watcher (>= 1.1.1)
      kramdown (>= 0.13.2)
      liquid (>= 1.9.0)
      maruku (>= 0.5.9)
    jekyll_ext (0.1.4)
    kramdown (0.13.7)
    liquid (2.2.2)
    maruku (0.6.0)
      syntax (>= 1.0.0)
    narray (0.6.0.1)
    posix-spawn (0.3.6)
    rake (0.9.2.2)
    sass (3.1.13)
    syntax (1.0.0)

PLATFORMS
  ruby

DEPENDENCIES
  directory_watcher (= 1.4.0)
  gsl!
  jekyll
  jekyll_ext
  liquid (= 2.2.2)
  rake
  sass
