GIT
  remote: https://github.com/romanbsd/rb-gsl.git
  revision: 8c012d6199fd08fe60d60ceb4a7021fc3c0be7a6
  specs:
    gsl (1.14.7)
      narray (>= 0.5.9)

GEM
  remote: http://rubygems.org/
  specs:
    albino (1.3.3)
      posix-spawn (>= 0.3.6)
    blankslate (2.1.2.4)
    bluecloth (2.2.0)
    classifier (1.3.3)
      fast-stemmer (>= 1.0.0)
    directory_watcher (1.4.0)
    fast-stemmer (1.0.1)
    gli (1.6.0)
    jekyll (0.11.0)
      albino (>= 1.3.2)
      classifier (>= 1.3.1)
      directory_watcher (>= 1.1.1)
      kramdown (>= 0.13.2)
      liquid (>= 1.9.0)
      maruku (>= 0.5.9)
    jekyll_ext (0.1.4)
    json (1.7.7)
    kramdown (0.13.7)
    liquid (2.2.2)
    maruku (0.7.1)
    narray (0.6.0.8)
    nokogiri (1.5.9)
    parslet (1.5.0)
      blankslate (~> 2.0)
    posix-spawn (0.3.6)
    rack (1.5.2)
    rack-protection (1.5.0)
      rack
    rake (0.9.2.2)
    sass (3.1.13)
    showoff (0.7.0)
      bluecloth
      gli (>= 1.3.2)
      json
      nokogiri
      parslet
      sinatra
    sinatra (1.4.2)
      rack (~> 1.5, >= 1.5.2)
      rack-protection (~> 1.4)
      tilt (~> 1.3, >= 1.3.4)
    tilt (1.4.1)

PLATFORMS
  ruby

DEPENDENCIES
  directory_watcher (= 1.4.0)
  gli (= 1.6.0)
  gsl!
  jekyll
  jekyll_ext
  liquid (= 2.2.2)
  rake
  sass
  showoff
